GIT
  remote: https://github.com/kelvintaywl/jsonresume.git
  revision: 7d40d1dab77faca109b6381687e675e2f5a5408f
  specs:
    jsonresume (0.0.1)

GEM
  remote: https://rubygems.org/
  specs:
    CFPropertyList (2.3.6)
    actioncable (5.2.6)
      actionpack (= 5.2.6)
      nio4r (~> 2.0)
      websocket-driver (>= 0.6.1)
    actionmailer (5.2.6)
      actionpack (= 5.2.6)
      actionview (= 5.2.6)
      activejob (= 5.2.6)
      mail (~> 2.5, >= 2.5.4)
      rails-dom-testing (~> 2.0)
    actionpack (5.2.6)
      actionview (= 5.2.6)
      activesupport (= 5.2.6)
      rack (~> 2.0, >= 2.0.8)
      rack-test (>= 0.6.3)
      rails-dom-testing (~> 2.0)
      rails-html-sanitizer (~> 1.0, >= 1.0.2)
    actionview (5.2.6)
      activesupport (= 5.2.6)
      builder (~> 3.1)
      erubi (~> 1.4)
      rails-dom-testing (~> 2.0)
      rails-html-sanitizer (~> 1.0, >= 1.0.3)
    active_decorator (1.4.0)
      activesupport
    active_flag (1.5.0)
      activerecord (>= 5)
    active_hash (3.1.0)
      activesupport (>= 5.0.0)
    activejob (5.2.6)
      activesupport (= 5.2.6)
      globalid (>= 0.3.6)
    activejob-cancel (0.3.2)
      activejob (>= 4.2.0)
      activesupport (>= 4.2.0)
    activemodel (5.2.6)
      activesupport (= 5.2.6)
    activerecord (5.2.6)
      activemodel (= 5.2.6)
      activesupport (= 5.2.6)
      arel (>= 9.0)
    activerecord-cause (0.7.0)
      activerecord (>= 4)
    activerecord-import (1.2.0)
      activerecord (>= 3.2)
    activerecord-refresh_connection (0.0.5)
      activerecord
    activestorage (5.2.6)
      actionpack (= 5.2.6)
      activerecord (= 5.2.6)
      marcel (~> 1.0.0)
    activesupport (5.2.6)
      concurrent-ruby (~> 1.0, >= 1.0.2)
      i18n (>= 0.7, < 2)
      minitest (~> 5.1)
      tzinfo (~> 1.1)
    addressable (2.8.0)
      public_suffix (>= 2.0.2, < 5.0)
    aes_key_wrap (1.1.0)
    anbt-sql-formatter (0.1.0)
    apple_id (1.1.1)
      openid_connect (~> 1.1.7)
      rack-oauth2 (~> 1.12)
    ar-octopus (0.10.2)
      activerecord (>= 4.2.0)
      activesupport (>= 4.2.0)
    arel (9.0.0)
    asset_finder (1.3.0)
      railties (>= 3.1, < 7.0)
    ast (2.4.2)
    atlassian-jwt (0.2.1)
      jwt (~> 2.1)
    attr_required (1.0.1)
    autodoc (0.7.6)
      actionpack
      activesupport (>= 3.0.0)
      rspec
    autoprefixer-rails (10.3.3.0)
      execjs (~> 2)
    awesome_print (1.9.2)
    aws-eventstream (1.2.0)
    aws-partitions (1.509.0)
    aws-sdk-core (3.121.1)
      aws-eventstream (~> 1, >= 1.0.2)
      aws-partitions (~> 1, >= 1.239.0)
      aws-sigv4 (~> 1.1)
      jmespath (~> 1.0)
    aws-sdk-kms (1.48.0)
      aws-sdk-core (~> 3, >= 3.120.0)
      aws-sigv4 (~> 1.1)
    aws-sdk-lambda (1.69.0)
      aws-sdk-core (~> 3, >= 3.120.0)
      aws-sigv4 (~> 1.1)
    aws-sdk-rekognition (1.56.0)
      aws-sdk-core (~> 3, >= 3.120.0)
      aws-sigv4 (~> 1.1)
    aws-sdk-s3 (1.103.0)
      aws-sdk-core (~> 3, >= 3.120.0)
      aws-sdk-kms (~> 1)
      aws-sigv4 (~> 1.4)
    aws-sdk-ses (1.41.0)
      aws-sdk-core (~> 3, >= 3.120.0)
      aws-sigv4 (~> 1.1)
    aws-sdk-sns (1.45.0)
      aws-sdk-core (~> 3, >= 3.120.0)
      aws-sigv4 (~> 1.1)
    aws-sigv4 (1.4.0)
      aws-eventstream (~> 1, >= 1.0.2)
    bcrypt (3.1.16)
    benchmark_driver (0.15.17)
    better_errors (2.9.1)
      coderay (>= 1.0.0)
      erubi (>= 1.0.0)
      rack (>= 0.9.0)
    bindata (2.4.10)
    bindex (0.8.1)
    binding_of_caller (1.0.0)
      debug_inspector (>= 0.0.1)
    bootsnap (1.9.1)
      msgpack (~> 1.0)
    bootstrap-sass (3.4.1)
      autoprefixer-rails (>= 5.2.1)
      sassc (>= 2.0.0)
    boxr (1.18.0)
      addressable (~> 2.3)
      hashie (~> 3.5)
      httpclient (~> 2.8)
      jwt (>= 1.4)
    buftok (0.2.0)
    builder (3.2.4)
    bullet (6.1.5)
      activesupport (>= 3.0.0)
      uniform_notifier (~> 1.11)
    byebug (11.1.3)
    capybara (3.35.3)
      addressable
      mini_mime (>= 0.1.3)
      nokogiri (~> 1.8)
      rack (>= 1.6.0)
      rack-test (>= 0.6.3)
      regexp_parser (>= 1.5, < 3.0)
      xpath (~> 3.2)
    chart-js-rails (0.1.7)
      railties (> 3.1)
    choice (0.2.0)
    chronic (0.10.2)
    claide (1.0.3)
    claide-plugins (0.9.2)
      cork
      nap
      open4 (~> 1.3)
    coderay (1.1.3)
    coercible (1.0.0)
      descendants_tracker (~> 0.0.1)
    coffee-rails (5.0.0)
      coffee-script (>= 2.2.0)
      railties (>= 5.2.0)
    coffee-script (2.4.1)
      coffee-script-source
      execjs
    coffee-script-source (1.12.2)
    colored2 (3.1.2)
    committee (4.4.0)
      json_schema (~> 0.14, >= 0.14.3)
      openapi_parser (>= 0.11.1, < 1.0)
      rack (>= 1.5)
    committee-rails (0.5.1)
      actionpack
      activesupport
      committee (>= 3.0.0)
      railties
    concurrent-ruby (1.1.9)
    config (3.1.0)
      deep_merge (~> 1.2, >= 1.2.1)
      dry-validation (~> 1.0, >= 1.0.0)
    connection_pool (2.2.5)
    cork (0.3.0)
      colored2 (~> 3.1)
    counter_culture (2.9.0)
      activerecord (>= 4.2)
      activesupport (>= 4.2)
    crass (1.0.6)
    dalli (2.7.11)
    danger (8.4.0)
      claide (~> 1.0)
      claide-plugins (>= 0.9.2)
      colored2 (~> 3.1)
      cork (~> 0.1)
      faraday (>= 0.9.0, < 2.0)
      faraday-http-cache (~> 2.0)
      git (~> 1.7)
      kramdown (~> 2.3)
      kramdown-parser-gfm (~> 1.0)
      no_proxy_fix
      octokit (~> 4.7)
      terminal-table (>= 1, < 4)
    danger-plugin-api (1.0.0)
      danger (> 2.0)
    database_rewinder (0.9.6)
    ddtrace (0.52.0)
      ffi (~> 1.0)
      msgpack
    debug_inspector (1.1.0)
    declarative (0.0.20)
    deep_merge (1.2.1)
    descendants_tracker (0.0.4)
      thread_safe (~> 0.3, >= 0.3.1)
    diff-lcs (1.4.4)
    diffy (3.4.0)
    digest-crc (0.6.4)
      rake (>= 12.0.0, < 14.0.0)
    docile (1.4.0)
    dogstatsd-ruby (5.2.0)
    domain_name (0.5.20190701)
      unf (>= 0.0.5, < 1.0.0)
    doorkeeper (5.5.3)
      railties (>= 5)
    doorkeeper-openid_connect (1.8.0)
      doorkeeper (>= 5.5, < 5.6)
      json-jwt (>= 1.11.0)
    dragonfly (1.4.0)
      addressable (~> 2.3)
      multi_json (~> 1.0)
      rack (>= 1.3)
    dragonfly-s3_data_store (1.3.0)
      dragonfly (~> 1.0)
      fog-aws
    dry-configurable (0.13.0)
      concurrent-ruby (~> 1.0)
      dry-core (~> 0.6)
    dry-container (0.9.0)
      concurrent-ruby (~> 1.0)
      dry-configurable (~> 0.13, >= 0.13.0)
    dry-core (0.7.1)
      concurrent-ruby (~> 1.0)
    dry-inflector (0.2.1)
    dry-initializer (3.0.4)
    dry-logic (1.2.0)
      concurrent-ruby (~> 1.0)
      dry-core (~> 0.5, >= 0.5)
    dry-schema (1.8.0)
      concurrent-ruby (~> 1.0)
      dry-configurable (~> 0.13, >= 0.13.0)
      dry-core (~> 0.5, >= 0.5)
      dry-initializer (~> 3.0)
      dry-logic (~> 1.0)
      dry-types (~> 1.5)
    dry-types (1.5.1)
      concurrent-ruby (~> 1.0)
      dry-container (~> 0.3)
      dry-core (~> 0.5, >= 0.5)
      dry-inflector (~> 0.1, >= 0.1.2)
      dry-logic (~> 1.0, >= 1.0.2)
    dry-validation (1.7.0)
      concurrent-ruby (~> 1.0)
      dry-container (~> 0.7, >= 0.7.1)
      dry-core (~> 0.5, >= 0.5)
      dry-initializer (~> 3.0)
      dry-schema (~> 1.8, >= 1.8.0)
    elasticsearch (7.15.0)
      elasticsearch-api (= 7.15.0)
      elasticsearch-transport (= 7.15.0)
    elasticsearch-api (7.15.0)
      multi_json
    elasticsearch-model (7.0.0)
      activesupport (> 3)
      elasticsearch (> 1)
      hashie
    elasticsearch-persistence (7.0.0)
      activemodel (> 4)
      activesupport (> 4)
      elasticsearch (~> 7)
      elasticsearch-model (= 7.0.0)
      hashie
    elasticsearch-rails (7.0.0)
    elasticsearch-transport (7.15.0)
      faraday (~> 1)
      multi_json
    enumerize (2.4.0)
      activesupport (>= 3.2)
    equalizer (0.0.11)
    erubi (1.10.0)
    exception_notification (4.4.3)
      actionmailer (>= 4.0, < 7)
      activesupport (>= 4.0, < 7)
    excon (0.86.0)
    execjs (2.7.0)
    factory_bot (6.2.0)
      activesupport (>= 5.0.0)
    factory_bot_rails (6.2.0)
      factory_bot (~> 6.2.0)
      railties (>= 5.0.0)
    faraday (1.8.0)
      faraday-em_http (~> 1.0)
      faraday-em_synchrony (~> 1.0)
      faraday-excon (~> 1.1)
      faraday-httpclient (~> 1.0.1)
      faraday-net_http (~> 1.0)
      faraday-net_http_persistent (~> 1.1)
      faraday-patron (~> 1.0)
      faraday-rack (~> 1.0)
      multipart-post (>= 1.2, < 3)
      ruby2_keywords (>= 0.0.4)
    faraday-em_http (1.0.0)
    faraday-em_synchrony (1.0.0)
    faraday-excon (1.1.0)
    faraday-http-cache (2.2.0)
      faraday (>= 0.8)
    faraday-httpclient (1.0.1)
    faraday-net_http (1.0.1)
    faraday-net_http_persistent (1.2.0)
    faraday-patron (1.0.0)
    faraday-rack (1.0.0)
    ffaker (2.19.0)
    ffi (1.15.4)
    ffi-compiler (1.0.1)
      ffi (>= 1.0.0)
      rake
    figaro (1.2.0)
      thor (>= 0.14.0, < 2)
    fog-aws (3.12.0)
      fog-core (~> 2.1)
      fog-json (~> 1.1)
      fog-xml (~> 0.1)
      ipaddress (~> 0.8)
    fog-core (2.2.4)
      builder
      excon (~> 0.71)
      formatador (~> 0.2)
      mime-types
    fog-json (1.2.0)
      fog-core
      multi_json (~> 1.10)
    fog-xml (0.1.4)
      fog-core
      nokogiri (>= 1.5.11, < 2.0.0)
    formatador (0.3.0)
    gems (1.2.0)
    get_process_mem (0.2.7)
      ffi (~> 1.0)
    git (1.9.1)
      rchardet (~> 1.8)
    gizzard (0.4.0)
      activerecord (>= 5.2)
      activesupport (>= 5.2)
    globalid (0.5.2)
      activesupport (>= 5.0)
    god (0.13.7)
    gon (6.4.0)
      actionpack (>= 3.0.20)
      i18n (>= 0.7)
      multi_json
      request_store (>= 1.0)
    google-analytics-rails (1.1.1)
    google-api-client (0.53.0)
      google-apis-core (~> 0.1)
      google-apis-generator (~> 0.1)
    google-apis-bigquery_v2 (0.18.0)
      google-apis-core (>= 0.4, < 2.a)
    google-apis-core (0.4.1)
      addressable (~> 2.5, >= 2.5.1)
      googleauth (>= 0.16.2, < 2.a)
      httpclient (>= 2.8.1, < 3.a)
      mini_mime (~> 1.0)
      representable (~> 3.0)
      retriable (>= 2.0, < 4.a)
      rexml
      webrick
    google-apis-discovery_v1 (0.6.0)
      google-apis-core (>= 0.4, < 2.a)
    google-apis-generator (0.4.0)
      activesupport (>= 5.0)
      gems (~> 1.2)
      google-apis-core (>= 0.4, < 2.a)
      google-apis-discovery_v1 (~> 0.5)
      thor (>= 0.20, < 2.a)
    google-apis-iamcredentials_v1 (0.7.0)
      google-apis-core (>= 0.4, < 2.a)
    google-apis-storage_v1 (0.8.0)
      google-apis-core (>= 0.4, < 2.a)
    google-cloud-bigquery (1.36.0)
      concurrent-ruby (~> 1.0)
      google-apis-bigquery_v2 (~> 0.1)
      google-cloud-core (~> 1.6)
      googleauth (>= 0.16.2, < 2.a)
      mini_mime (~> 1.0)
    google-cloud-core (1.6.0)
      google-cloud-env (~> 1.0)
      google-cloud-errors (~> 1.0)
    google-cloud-env (1.5.0)
      faraday (>= 0.17.3, < 2.0)
    google-cloud-errors (1.2.0)
    google-cloud-storage (1.34.1)
      addressable (~> 2.5)
      digest-crc (~> 0.4)
      google-apis-iamcredentials_v1 (~> 0.1)
      google-apis-storage_v1 (~> 0.1)
      google-cloud-core (~> 1.6)
      googleauth (>= 0.16.2, < 2.a)
      mini_mime (~> 1.0)
    google-id-token (1.4.2)
      jwt (>= 1)
    google-protobuf (3.18.0)
    google_spreadsheet_fetcher (1.7.0)
      activesupport
      google-api-client (~> 0.9)
    googleauth (1.0.0)
      faraday (>= 0.17.3, < 2.0)
      jwt (>= 1.4, < 3.0)
      memoist (~> 0.16)
      multi_json (~> 1.11)
      os (>= 0.9, < 2.0)
      signet (>= 0.16, < 2.a)
    guard (2.18.0)
      formatador (>= 0.2.4)
      listen (>= 2.7, < 4.0)
      lumberjack (>= 1.0.12, < 2.0)
      nenv (~> 0.1)
      notiffany (~> 0.0)
      pry (>= 0.13.0)
      shellany (~> 0.0)
      thor (>= 0.18.1)
    guard-compat (1.2.1)
    guard-rspec (4.7.3)
      guard (~> 2.1)
      guard-compat (~> 1.1)
      rspec (>= 2.99.0, < 4.0)
    guard-shell (0.7.2)
      guard (>= 2.0.0)
      guard-compat (~> 1.0)
    hashids (1.0.5)
    hashie (3.6.0)
    http (4.4.1)
      addressable (~> 2.3)
      http-cookie (~> 1.0)
      http-form_data (~> 2.2)
      http-parser (~> 1.2.0)
    http-cookie (1.0.4)
      domain_name (~> 0.5)
    http-form_data (2.3.0)
    http-parser (1.2.3)
      ffi-compiler (>= 1.0, < 2.0)
    http_parser.rb (0.6.0)
    httpclient (2.8.3)
    i18n (1.8.10)
      concurrent-ruby (~> 1.0)
    ipaddress (0.8.3)
    itunes_receipt_decoder (0.3.1)
      CFPropertyList (~> 2.3)
    itunes_receipt_validator (0.0.7)
      itunes_receipt_decoder (= 0.3.1)
    jb (0.8.0)
    jbuilder (2.11.2)
      activesupport (>= 5.0.0)
    jira-ruby (2.1.5)
      activesupport
      atlassian-jwt
      multipart-post
      oauth (~> 0.5, >= 0.5.0)
    jmespath (1.4.0)
    jquery-rails (4.4.0)
      rails-dom-testing (>= 1, < 3)
      railties (>= 4.2.0)
      thor (>= 0.14, < 2.0)
    json (2.5.1)
    json-jwt (1.13.0)
      activesupport (>= 4.2)
      aes_key_wrap
      bindata
    json_schema (0.21.0)
    jsonpath (1.1.0)
      multi_json
    jwt (2.2.3)
    kakeibo (0.0.2)
    kaminari (1.2.1)
      activesupport (>= 4.1.0)
      kaminari-actionview (= 1.2.1)
      kaminari-activerecord (= 1.2.1)
      kaminari-core (= 1.2.1)
    kaminari-actionview (1.2.1)
      actionview
      kaminari-core (= 1.2.1)
    kaminari-activerecord (1.2.1)
      activerecord
      kaminari-core (= 1.2.1)
    kaminari-core (1.2.1)
    kgio (2.11.4)
    koala (3.0.0)
      addressable
      faraday
      json (>= 1.8)
    kramdown (2.3.1)
      rexml
    kramdown-parser-gfm (1.1.0)
      kramdown (~> 2.0)
    listen (3.7.0)
      rb-fsevent (~> 0.10, >= 0.10.3)
      rb-inotify (~> 0.9, >= 0.9.10)
    log4r (1.1.10)
    loofah (2.12.0)
      crass (~> 1.0.2)
      nokogiri (>= 1.5.9)
    lumberjack (1.2.8)
    m3u8 (0.8.2)
    macaddr (1.7.2)
      systemu (~> 2.6.5)
    mail (2.7.1)
      mini_mime (>= 0.1.1)
    marcel (1.0.2)
    memcache_do (0.1.1)
    memoist (0.16.2)
    memoizable (0.4.2)
      thread_safe (~> 0.3, >= 0.3.1)
    method_source (1.0.0)
    mime-types (3.3.1)
      mime-types-data (~> 3.2015)
    mime-types-data (3.2021.0901)
    mini_mime (1.1.1)
    mini_portile2 (2.6.1)
    minitest (5.14.4)
    moromi-aws-sns (0.15.0)
      activesupport (>= 4.2)
      aws-sdk-sns (~> 1)
    msgpack (1.4.2)
    multi_db_migration (0.2.0)
      activesupport (>= 5.0)
      parallel
      ridgepole (>= 0.8)
    multi_json (1.15.0)
    multi_xml (0.6.0)
    multipart-post (2.1.1)
    nap (1.1.0)
    naught (1.1.0)
    nenv (0.3.0)
    nio4r (2.5.8)
    no_proxy_fix (0.1.2)
    nokogiri (1.12.5)
      mini_portile2 (~> 2.6.1)
      racc (~> 1.4)
    notiffany (0.1.3)
      nenv (~> 0.1)
      shellany (~> 0.0)
    oauth (0.5.6)
    oauth2 (1.4.7)
      faraday (>= 0.8, < 2.0)
      jwt (>= 1.0, < 3.0)
      multi_json (~> 1.3)
      multi_xml (~> 0.5)
      rack (>= 1.2, < 3)
    octokit (4.21.0)
      faraday (>= 0.9)
      sawyer (~> 0.8.0, >= 0.5.3)
    omniauth (1.9.1)
      hashie (>= 3.4.6)
      rack (>= 1.6.2, < 3)
    omniauth-apple (1.0.1)
      jwt
      omniauth-oauth2
    omniauth-facebook (8.0.0)
      omniauth-oauth2 (~> 1.2)
    omniauth-google-oauth2 (0.2.6)
      omniauth (> 1.0)
      omniauth-oauth2 (~> 1.1)
    omniauth-oauth (1.2.0)
      oauth
      omniauth (>= 1.0, < 3)
    omniauth-oauth2 (1.4.0)
      oauth2 (~> 1.0)
      omniauth (~> 1.2)
    omniauth-twitter (1.4.0)
      omniauth-oauth (~> 1.1)
      rack
    oneline_log_formatter (0.0.2)
    open4 (1.3.4)
    openapi_parser (0.15.0)
    openid_connect (1.1.8)
      activemodel
      attr_required (>= 1.0.0)
      json-jwt (>= 1.5.0)
      rack-oauth2 (>= 1.6.1)
      swd (>= 1.0.0)
      tzinfo
      validate_email
      validate_url
      webfinger (>= 1.0.1)
    os (1.1.1)
    parallel (1.21.0)
    parallel_tests (3.7.3)
      parallel
    parser (3.0.2.0)
      ast (~> 2.4.1)
    pry (0.14.1)
      coderay (~> 1.1)
      method_source (~> 1.0)
    pry-byebug (3.8.0)
      byebug (~> 11.0)
      pry (~> 0.10)
    pry-doc (1.2.0)
      pry (~> 0.11)
      yard (~> 0.9.11)
    public_suffix (4.0.6)
    racc (1.6.0)
    rack (2.2.3)
    rack-oauth2 (1.19.0)
      activesupport
      attr_required
      httpclient
      json-jwt (>= 1.11.0)
      rack (>= 2.1.0)
    rack-test (1.1.0)
      rack (>= 1.0, < 3)
    rails-dom-testing (2.0.3)
      activesupport (>= 4.2.0)
      nokogiri (>= 1.6)
    rails-html-sanitizer (1.4.2)
      loofah (~> 2.3)
    railties (5.2.6)
      actionpack (= 5.2.6)
      activesupport (= 5.2.6)
      method_source
      rake (>= 0.8.7)
      thor (>= 0.19.0, < 2.0)
    rake (13.0.6)
    rb-fsevent (0.11.0)
    rb-inotify (0.10.1)
      ffi (~> 1.0)
    rchardet (1.8.0)
    regexp_parser (2.1.1)
    representable (3.1.1)
      declarative (< 0.1.0)
      trailblazer-option (>= 0.1.1, < 0.2.0)
      uber (< 0.2.0)
    request_store (1.5.0)
      rack (>= 1.4)
    retriable (3.1.2)
    rexml (3.2.5)
    ridgepole (0.9.6)
      activerecord (>= 5.1, < 6.2)
      diffy
    rspec (3.10.0)
      rspec-core (~> 3.10.0)
      rspec-expectations (~> 3.10.0)
      rspec-mocks (~> 3.10.0)
    rspec-core (3.10.1)
      rspec-support (~> 3.10.0)
    rspec-expectations (3.10.1)
      diff-lcs (>= 1.2.0, < 2.0)
      rspec-support (~> 3.10.0)
    rspec-mocks (3.10.2)
      diff-lcs (>= 1.2.0, < 2.0)
      rspec-support (~> 3.10.0)
    rspec-support (3.10.3)
    ruby2_keywords (0.0.5)
    sassc (2.4.0)
      ffi (~> 1.9)
    sawyer (0.8.2)
      addressable (>= 2.3.5)
      faraday (> 0.8, < 2.0)
    shellany (0.0.1)
    signet (0.16.0)
      addressable (~> 2.8)
      faraday (>= 0.17.3, < 2.0)
      jwt (>= 1.5, < 3.0)
      multi_json (~> 1.10)
    swd (1.3.0)
      activesupport (>= 3)
      attr_required (>= 0.0.5)
      httpclient (>= 2.4)
    systemu (2.6.5)
    terminal-table (3.0.2)
      unicode-display_width (>= 1.1.1, < 3)
    thor (1.1.0)
    thread_safe (0.3.6)
    trailblazer-option (0.1.2)
    tzinfo (1.2.9)
      thread_safe (~> 0.1)
    uber (0.1.0)
    unf (0.1.4)
      unf_ext
    unf_ext (0.0.8)
    unicode-display_width (2.1.0)
    uniform_notifier (1.14.2)
    validate_email (0.1.6)
      activemodel (>= 3.0)
      mail (>= 2.2.5)
    validate_url (1.0.13)
      activemodel (>= 3.0.0)
      public_suffix
    webfinger (1.2.0)
      activesupport
      httpclient (>= 2.4)
    webrick (1.7.0)
    websocket-driver (0.7.5)
      websocket-extensions (>= 0.1.0)
    websocket-extensions (0.1.5)
    xpath (3.2.0)
      nokogiri (~> 1.8)
    yard (0.9.27)
      webrick (~> 1.7.0)

PLATFORMS
  ruby

DEPENDENCIES
  CFPropertyList (= 2.3.6)
  actioncable (= 5.2.6)
  actionmailer (= 5.2.6)
  actionpack (= 5.2.6)
  actionview (= 5.2.6)
  active_decorator (= 1.4.0)
  active_flag (= 1.5.0)
  active_hash (= 3.1.0)
  activejob (= 5.2.6)
  activejob-cancel (= 0.3.2)
  activemodel (= 5.2.6)
  activerecord (= 5.2.6)
  activerecord-cause (= 0.7.0)
  activerecord-import (= 1.2.0)
  activerecord-refresh_connection (= 0.0.5)
  activestorage (= 5.2.6)
  activesupport (= 5.2.6)
  addressable (= 2.8.0)
  aes_key_wrap (= 1.1.0)
  anbt-sql-formatter (= 0.1.0)
  apple_id (= 1.1.1)
  ar-octopus (= 0.10.2)
  arel (= 9.0.0)
  asset_finder (= 1.3.0)
  ast (= 2.4.2)
  atlassian-jwt (= 0.2.1)
  attr_required (= 1.0.1)
  autodoc (= 0.7.6)
  autoprefixer-rails (= 10.3.3.0)
  awesome_print (= 1.9.2)
  aws-eventstream (= 1.2.0)
  aws-partitions (= 1.509.0)
  aws-sdk-core (= 3.121.1)
  aws-sdk-kms (= 1.48.0)
  aws-sdk-lambda (= 1.69.0)
  aws-sdk-rekognition (= 1.56.0)
  aws-sdk-s3 (= 1.103.0)
  aws-sdk-ses (= 1.41.0)
  aws-sdk-sns (= 1.45.0)
  aws-sigv4 (= 1.4.0)
  bcrypt (= 3.1.16)
  benchmark_driver (= 0.15.17)
  better_errors (= 2.9.1)
  bindata (= 2.4.10)
  bindex (= 0.8.1)
  binding_of_caller (= 1.0.0)
  bootsnap (= 1.9.1)
  bootstrap-sass (= 3.4.1)
  boxr (= 1.18.0)
  buftok (= 0.2.0)
  builder (= 3.2.4)
  bullet (= 6.1.5)
  byebug (= 11.1.3)
  capybara (= 3.35.3)
  chart-js-rails (= 0.1.7)
  choice (= 0.2.0)
  chronic (= 0.10.2)
  claide (= 1.0.3)
  claide-plugins (= 0.9.2)
  coderay (= 1.1.3)
  coercible (= 1.0.0)
  coffee-rails (= 5.0.0)
  coffee-script (= 2.4.1)
  coffee-script-source (= 1.12.2)
  colored2 (= 3.1.2)
  committee (= 4.4.0)
  committee-rails (= 0.5.1)
  concurrent-ruby (= 1.1.9)
  config (= 3.1.0)
  connection_pool (= 2.2.5)
  cork (= 0.3.0)
  counter_culture (= 2.9.0)
  crass (= 1.0.6)
  dalli (= 2.7.11)
  danger (= 8.4.0)
  danger-plugin-api (= 1.0.0)
  database_rewinder (= 0.9.6)
  ddtrace (= 0.52.0)
  debug_inspector (= 1.1.0)
  declarative (= 0.0.20)
  deep_merge (= 1.2.1)
  descendants_tracker (= 0.0.4)
  diff-lcs (= 1.4.4)
  diffy (= 3.4.0)
  digest-crc (= 0.6.4)
  docile (= 1.4.0)
  dogstatsd-ruby (= 5.2.0)
  domain_name (= 0.5.20190701)
  doorkeeper (= 5.5.3)
  doorkeeper-openid_connect (= 1.8.0)
  dragonfly (= 1.4.0)
  dragonfly-s3_data_store (= 1.3.0)
  dry-configurable (= 0.13.0)
  dry-container (= 0.9.0)
  dry-core (= 0.7.1)
  dry-inflector (= 0.2.1)
  dry-initializer (= 3.0.4)
  dry-logic (= 1.2.0)
  dry-schema (= 1.8.0)
  dry-types (= 1.5.1)
  dry-validation (= 1.7.0)
  elasticsearch (= 7.15.0)
  elasticsearch-api (= 7.15.0)
  elasticsearch-model (= 7.0.0)
  elasticsearch-persistence (= 7.0.0)
  elasticsearch-rails (= 7.0.0)
  elasticsearch-transport (= 7.15.0)
  enumerize (= 2.4.0)
  equalizer (= 0.0.11)
  erubi (= 1.10.0)
  exception_notification (= 4.4.3)
  excon (= 0.86.0)
  execjs (= 2.7.0)
  factory_bot (= 6.2.0)
  factory_bot_rails (= 6.2.0)
  faraday (= 1.8.0)
  faraday-em_http (= 1.0.0)
  faraday-em_synchrony (= 1.0.0)
  faraday-excon (= 1.1.0)
  faraday-http-cache (= 2.2.0)
  faraday-httpclient (= 1.0.1)
  faraday-net_http (= 1.0.1)
  faraday-net_http_persistent (= 1.2.0)
  faraday-patron (= 1.0.0)
  faraday-rack (= 1.0.0)
  ffaker (= 2.19.0)
  ffi (= 1.15.4)
  ffi-compiler (= 1.0.1)
  figaro (= 1.2.0)
  fog-aws (= 3.12.0)
  fog-core (= 2.2.4)
  fog-json (= 1.2.0)
  fog-xml (= 0.1.4)
  formatador (= 0.3.0)
  gems (= 1.2.0)
  get_process_mem (= 0.2.7)
  git (= 1.9.1)
  gizzard (= 0.4.0)
  globalid (= 0.5.2)
  god (= 0.13.7)
  gon (= 6.4.0)
  google-analytics-rails (= 1.1.1)
  google-api-client (= 0.53.0)
  google-apis-bigquery_v2 (= 0.18.0)
  google-apis-core (= 0.4.1)
  google-apis-discovery_v1 (= 0.6.0)
  google-apis-generator (= 0.4.0)
  google-apis-iamcredentials_v1 (= 0.7.0)
  google-apis-storage_v1 (= 0.8.0)
  google-cloud-bigquery (= 1.36.0)
  google-cloud-core (= 1.6.0)
  google-cloud-env (= 1.5.0)
  google-cloud-errors (= 1.2.0)
  google-cloud-storage (= 1.34.1)
  google-id-token (= 1.4.2)
  google-protobuf (= 3.18.0)
  google_spreadsheet_fetcher (= 1.7.0)
  googleauth (= 1.0.0)
  guard (= 2.18.0)
  guard-compat (= 1.2.1)
  guard-rspec (= 4.7.3)
  guard-shell (= 0.7.2)
  hashids (= 1.0.5)
  hashie (= 3.6.0)
  http (= 4.4.1)
  http-cookie (= 1.0.4)
  http-form_data (= 2.3.0)
  http-parser (= 1.2.3)
  http_parser.rb (= 0.6.0)
  httpclient (= 2.8.3)
  i18n (= 1.8.10)
  ipaddress (= 0.8.3)
  itunes_receipt_decoder (= 0.3.1)
  itunes_receipt_validator (= 0.0.7)
  jb (= 0.8.0)
  jbuilder (= 2.11.2)
  jira-ruby (= 2.1.5)
  jmespath (= 1.4.0)
  jquery-rails (= 4.4.0)
  json (= 2.5.1)
  json-jwt (= 1.13.0)
  json_schema (= 0.21.0)
  jsonpath (= 1.1.0)
  jsonresume (~> 0.0.1)!
  jwt (= 2.2.3)
  kakeibo (= 0.0.2)
  kaminari (= 1.2.1)
  kaminari-actionview (= 1.2.1)
  kaminari-activerecord (= 1.2.1)
  kaminari-core (= 1.2.1)
  kgio (= 2.11.4)
  koala (= 3.0.0)
  kramdown (= 2.3.1)
  kramdown-parser-gfm (= 1.1.0)
  listen (= 3.7.0)
  log4r (= 1.1.10)
  loofah (= 2.12.0)
  lumberjack (= 1.2.8)
  m3u8 (= 0.8.2)
  macaddr (= 1.7.2)
  mail (= 2.7.1)
  marcel (= 1.0.2)
  memcache_do (= 0.1.1)
  memoist (= 0.16.2)
  memoizable (= 0.4.2)
  method_source (= 1.0.0)
  mime-types (= 3.3.1)
  mime-types-data (= 3.2021.0901)
  mini_mime (= 1.1.1)
  mini_portile2 (= 2.6.1)
  minitest (= 5.14.4)
  moromi-aws-sns (= 0.15.0)
  msgpack (= 1.4.2)
  multi_db_migration (= 0.2.0)
  multi_json (= 1.15.0)
  multi_xml (= 0.6.0)
  multipart-post (= 2.1.1)
  nap (= 1.1.0)
  naught (= 1.1.0)
  nenv (= 0.3.0)
  nio4r (= 2.5.8)
  no_proxy_fix (= 0.1.2)
  nokogiri (= 1.12.5)
  notiffany (= 0.1.3)
  oauth (= 0.5.6)
  oauth2 (= 1.4.7)
  octokit (= 4.21.0)
  omniauth (= 1.9.1)
  omniauth-apple (= 1.0.1)
  omniauth-facebook (= 8.0.0)
  omniauth-google-oauth2 (= 0.2.6)
  omniauth-oauth (= 1.2.0)
  omniauth-oauth2 (= 1.4.0)
  omniauth-twitter (= 1.4.0)
  oneline_log_formatter (= 0.0.2)
  open4 (= 1.3.4)
  openapi_parser (= 0.15.0)
  openid_connect (= 1.1.8)
  os (= 1.1.1)
  parallel (= 1.21.0)
  parallel_tests (= 3.7.3)
  parser (= 3.0.2.0)
  pry (= 0.14.1)
  pry-byebug (= 3.8.0)
  pry-doc (= 1.2.0)

BUNDLED WITH
   2.1.4
